GEM
  remote: https://rubygems.org/
  specs:
    coderay (1.1.3)
    concurrent-ruby (1.2.2)
    diff-lcs (1.5.1)
    discogs-wrapper (2.5.1)
      hashie (~> 3.0)
      httparty (~> 0.14)
      oauth (~> 0.5.1)
    dotenv (2.8.1)
    gli (2.21.1)
    hashie (3.6.0)
    httparty (0.21.0)
      mini_mime (>= 1.0.0)
      multi_xml (>= 0.5.2)
    method_source (1.0.0)
    mini_mime (1.1.5)
    multi_xml (0.6.0)
    oauth (0.5.14)
    pry (0.14.2)
      coderay (~> 1.1)
      method_source (~> 1.0)
    rspec (3.12.0)
      rspec-core (~> 3.12.0)
      rspec-expectations (~> 3.12.0)
      rspec-mocks (~> 3.12.0)
    rspec-core (3.12.2)
      rspec-support (~> 3.12.0)
    rspec-expectations (3.12.3)
      diff-lcs (>= 1.2.0, < 2.0)
      rspec-support (~> 3.12.0)
    rspec-mocks (3.12.6)
      diff-lcs (>= 1.2.0, < 2.0)
      rspec-support (~> 3.12.0)
    rspec-support (3.12.1)

PLATFORMS
  arm64-darwin-20

DEPENDENCIES
  concurrent-ruby (~> 1.2)
  discogs-wrapper (~> 2.5)
  dotenv (~> 2.8)
  gli (~> 2.21)
  pry (~> 0.14.2)
  rspec

BUNDLED WITH
   2.4.10
